GEM
  remote: http://rubygems.org/
  specs:
    eventmachine (0.12.10)
    shoulda (2.11.3)

PLATFORMS
  ruby

DEPENDENCIES
  eventmachine (= 0.12.10)
  shoulda (= 2.11.3)
