GEM
  remote: http://rubygems.org/
  specs:
    mash (0.1.1)
    shoulda (2.11.3)

PLATFORMS
  ruby

DEPENDENCIES
  mash
  shoulda (= 2.11.3)
