GEM
  remote: http://rubygems.org/
  specs:
    ansi (1.4.2)
    coderay (1.0.6)
    columnize (0.3.6)
    debugger (1.1.4)
      columnize (>= 0.3.1)
      debugger-linecache (~> 1.1.1)
      debugger-ruby_core_source (~> 1.1.3)
    debugger-linecache (1.1.1)
      debugger-ruby_core_source (>= 1.1.1)
    debugger-ruby_core_source (1.1.3)
    method_source (0.7.1)
    minitest (3.1.0)
    multi_json (1.3.6)
    pry (0.9.9.6)
      coderay (~> 1.0.5)
      method_source (~> 0.7.1)
      slop (>= 2.4.4, < 3)
    simplecov (0.6.4)
      multi_json (~> 1.0)
      simplecov-html (~> 0.5.3)
    simplecov-html (0.5.3)
    slop (2.4.4)
    turn (0.9.5)
      ansi

PLATFORMS
  ruby

DEPENDENCIES
  debugger
  minitest
  pry
  simplecov
  turn
